GEM
  remote: https://rubygems.org/
  specs:
    cap2 (0.2.2)
    mustermann (1.0.0)
    rack (2.0.3)
    rack-protection (2.0.0)
      rack
    sinatra (2.0.0)
      mustermann (~> 1.0)
      rack (~> 2.0)
      rack-protection (= 2.0.0)
      tilt (~> 2.0)
    tilt (2.0.8)

PLATFORMS
  ruby

DEPENDENCIES
  cap2 (= 0.2.2)
  sinatra (= 2.0.0)

RUBY VERSION
   ruby 2.3.4p301

BUNDLED WITH
   1.15.4
